GEM
  remote: https://rubygems.org/
  specs:
    barber (0.9.1)
      ember-source (>= 1.0, < 2)
      execjs (>= 1.2, < 3)
    coffee-script (2.4.1)
      coffee-script-source
      execjs
    coffee-script-source (1.9.1.1)
    ember-data-source (1.13.5)
      ember-source (>= 1.8, < 3.0)
    ember-emblem-template (0.2.2)
      barber (>= 0.9.0)
      sprockets (>= 2.1, < 3.0)
    ember-handlebars-template (0.3.0)
      barber (>= 0.9.0)
      sprockets (>= 2.1, < 3.3)
      tilt
    ember-source (1.11.3.1)
    execjs (2.5.2)
    hike (1.2.3)
    kgio (2.9.3)
    multi_json (1.11.2)
    rack (1.6.4)
    raindrops (0.14.0)
    sass (3.4.16)
    sprockets (2.12.4)
      hike (~> 1.2)
      multi_json (~> 1.0)
      rack (~> 1.0)
      tilt (~> 1.1, != 1.3.0)
    tilt (1.4.1)
    unicorn (4.9.0)
      kgio (~> 2.6)
      rack
      raindrops (~> 0.7)
    zassets (0.2.12)
      coffee-script (~> 2.2)
      execjs (~> 2.0)
      sass (~> 3.2)
      sprockets (~> 2.10)
    zassets-plugins-ember_emblem (1.11.3.1)
      ember-data-source (= 1.13.5)
      ember-emblem-template (= 0.2.2)
      ember-handlebars-template (= 0.3.0)
      ember-source (= 1.11.3.1)

PLATFORMS
  ruby

DEPENDENCIES
  unicorn
  zassets
  zassets-plugins-ember_emblem (= 1.11.3.1)

BUNDLED WITH
   1.10.5
